PATH
  remote: .
  specs:
    commit-meat (0.0.3)
      choice
      colored

GEM
  remote: http://rubygems.org/
  specs:
    choice (0.1.6)
    colored (1.2)

PLATFORMS
  ruby

DEPENDENCIES
  commit-meat!
